PATH
  remote: .
  specs:
    matic (0.0.1)
      mongomatic (~> 0.6.0)

GEM
  remote: http://rubygems.org/
  specs:
    activesupport (3.0.1)
    bson (1.1.2)
    bson_ext (1.1.2)
    diff-lcs (1.1.2)
    mongo (1.1.2)
      bson (>= 1.1.1)
    mongomatic (0.6.1)
      activesupport (>= 2.3.5)
      bson (~> 1.1)
      mongo (~> 1.1)
    rspec (2.0.1)
      rspec-core (~> 2.0.1)
      rspec-expectations (~> 2.0.1)
      rspec-mocks (~> 2.0.1)
    rspec-core (2.0.1)
    rspec-expectations (2.0.1)
      diff-lcs (>= 1.1.2)
    rspec-mocks (2.0.1)
      rspec-core (~> 2.0.1)
      rspec-expectations (~> 2.0.1)

PLATFORMS
  ruby

DEPENDENCIES
  bson_ext (~> 1.1.0)
  matic!
  mongomatic (~> 0.6.0)
  rspec (~> 2.0.0)
